GEM
  remote: https://rubygems.org/
  specs:
    byebug (11.1.3)
    faraday (1.0.1)
      multipart-post (>= 1.2, < 3)
    multipart-post (2.1.1)

PLATFORMS
  ruby

DEPENDENCIES
  byebug!
  faraday!

BUNDLED WITH
   2.1.4
